GIT
  remote: git://github.com/davejlong/cog-rb.git
  revision: 65c81415087f29d53acb68f08e4db644c92e1dc1
  branch: camelize-bundles
  specs:
    cog-rb (0.4.4)
      rake (~> 11.2)

GEM
  remote: https://rubygems.org/
  specs:
    diff-lcs (1.3)
    rake (11.3.0)
    rspec (3.5.0)
      rspec-core (~> 3.5.0)
      rspec-expectations (~> 3.5.0)
      rspec-mocks (~> 3.5.0)
    rspec-core (3.5.4)
      rspec-support (~> 3.5.0)
    rspec-expectations (3.5.0)
      diff-lcs (>= 1.2.0, < 2.0)
      rspec-support (~> 3.5.0)
    rspec-mocks (3.5.0)
      diff-lcs (>= 1.2.0, < 2.0)
      rspec-support (~> 3.5.0)
    rspec-support (3.5.0)

PLATFORMS
  ruby

DEPENDENCIES
  bundler
  cog-rb!
  rspec (~> 3.0)

BUNDLED WITH
   1.13.6
